GEM
  remote: https://rubygems.org/
  specs:
    levenshtein (0.2.2)

PLATFORMS
  ruby

DEPENDENCIES
  levenshtein

BUNDLED WITH
   2.0.2
