GEM
  remote: https://rubygems.org/
  specs:
    csv (3.1.1)
    levenshtein (0.2.2)

PLATFORMS
  ruby

DEPENDENCIES
  csv
  levenshtein

BUNDLED WITH
   2.0.2
